GEM
  remote: https://rubygems.org/
  specs:
    coderay (1.1.2)
    method_source (0.9.2)
    pry (0.12.2)
      coderay (~> 1.1.0)
      method_source (~> 0.9.0)
    text-table (1.2.4)

PLATFORMS
  ruby

DEPENDENCIES
  pry
  text-table

BUNDLED WITH
   1.17.2
